NUGET
  remote: https://www.nuget.org/api/v2
    FSharp.Core (4.0.0.1)
GITHUB
  remote: haf/YoLo
    YoLo.fs (76e16a4c9338c2f04cb067add0e3a33b42a0f396)